GEM
  remote: https://rubygems.org/
  specs:
    byebug (11.1.3)
    clipboard (1.3.6)
    httparty (0.21.0)
      mini_mime (>= 1.0.0)
      multi_xml (>= 0.5.2)
    mini_mime (1.1.2)
    multi_xml (0.6.0)
    options (2.3.2)

PLATFORMS
  x86_64-linux

DEPENDENCIES
  byebug
  clipboard
  httparty
  options

BUNDLED WITH
   2.4.1
