GEM
  remote: https://rubygems.org/
  specs:
    clipboard (1.3.6)
    json (2.7.1)
    options (2.3.2)

PLATFORMS
  x86_64-linux

DEPENDENCIES
  clipboard
  json (~> 2.7)
  options

BUNDLED WITH
   2.4.22
